GIT
  remote: git://github.com/basecamp/mail_view.git
  revision: 50831ad31c6f9042469a33dab1394bd2a4042fd8
  specs:
    mail_view (2.0.4)
      tilt

GIT
  remote: git://github.com/hashrocket/decent_exposure.git
  revision: c4df788d25f0f353e9c60d6036676cf97adac0a8
  specs:
    decent_exposure (2.3.3)

GIT
  remote: git://github.com/plataformatec/devise.git
  revision: 22468f375684177bb9ffbc62595cf9ed10db9bbc
  specs:
    devise (4.0.0)
      bcrypt (~> 3.0)
      orm_adapter (~> 0.1)
      railties (>= 4.1.0, < 5.1)
      responders
      warden (~> 1.2.3)

GIT
  remote: git://github.com/rails/coffee-rails.git
  revision: 29604a59a5d7ea314f54bb52302d68ef134806bf
  specs:
    coffee-rails (4.1.1)
      coffee-script (>= 2.2.0)
      railties (>= 4.0.0, < 5.1.x)

GIT
  remote: git://github.com/rails/rails.git
  revision: 1683410c5eb92882e0d2b886f79eaba15eed23fd
  specs:
    actioncable (5.0.0.beta3)
      actionpack (= 5.0.0.beta3)
      nio4r (~> 1.2)
      websocket-driver (~> 0.6.1)
    actionmailer (5.0.0.beta3)
      actionpack (= 5.0.0.beta3)
      actionview (= 5.0.0.beta3)
      activejob (= 5.0.0.beta3)
      mail (~> 2.5, >= 2.5.4)
      rails-dom-testing (~> 1.0, >= 1.0.5)
    actionpack (5.0.0.beta3)
      actionview (= 5.0.0.beta3)
      activesupport (= 5.0.0.beta3)
      rack (~> 2.x)
      rack-test (~> 0.6.3)
      rails-dom-testing (~> 1.0, >= 1.0.5)
      rails-html-sanitizer (~> 1.0, >= 1.0.2)
    actionview (5.0.0.beta3)
      activesupport (= 5.0.0.beta3)
      builder (~> 3.1)
      erubis (~> 2.7.0)
      rails-dom-testing (~> 1.0, >= 1.0.5)
      rails-html-sanitizer (~> 1.0, >= 1.0.2)
    activejob (5.0.0.beta3)
      activesupport (= 5.0.0.beta3)
      globalid (>= 0.3.6)
    activemodel (5.0.0.beta3)
      activesupport (= 5.0.0.beta3)
    activerecord (5.0.0.beta3)
      activemodel (= 5.0.0.beta3)
      activesupport (= 5.0.0.beta3)
      arel (~> 7.0)
    activesupport (5.0.0.beta3)
      concurrent-ruby (~> 1.0)
      i18n (~> 0.7)
      minitest (~> 5.1)
      tzinfo (~> 1.1)
    rails (5.0.0.beta3)
      actioncable (= 5.0.0.beta3)
      actionmailer (= 5.0.0.beta3)
      actionpack (= 5.0.0.beta3)
      actionview (= 5.0.0.beta3)
      activejob (= 5.0.0.beta3)
      activemodel (= 5.0.0.beta3)
      activerecord (= 5.0.0.beta3)
      activesupport (= 5.0.0.beta3)
      bundler (>= 1.3.0, < 2.0)
      railties (= 5.0.0.beta3)
      sprockets-rails (>= 2.0.0)
    railties (5.0.0.beta3)
      actionpack (= 5.0.0.beta3)
      activesupport (= 5.0.0.beta3)
      method_source
      rake (>= 0.8.7)
      thor (>= 0.18.1, < 2.0)

GIT
  remote: git://github.com/rails/turbolinks.git
  revision: 37a7c296232d20a61bd1946f600da7f2009189db
  specs:
    turbolinks (3.0.0)
      coffee-rails

GIT
  remote: git://github.com/rweng/jquery-datatables-rails.git
  revision: b8e6b6fa51e0074ea44b4771a68b1817a14023fc
  specs:
    jquery-datatables-rails (3.4.0)
      actionpack (>= 3.1)
      jquery-rails
      railties (>= 3.1)
      sass-rails

GIT
  remote: git://github.com/thoughtbot/high_voltage.git
  revision: cbab60f8b9d82d26a50af630241b7dfb7676fae2
  specs:
    high_voltage (3.0.0)

GEM
  remote: https://rubygems.org/
  specs:
    aasm (4.10.0)
    addressable (2.4.0)
    arel (7.0.0)
    ast (2.2.0)
    autoprefixer-rails (6.3.6)
      execjs
    bcrypt (3.1.11)
    better_errors (2.1.1)
      coderay (>= 1.0.0)
      erubis (>= 2.6.6)
      rack (>= 0.9.0)
    binding_of_caller (0.7.2)
      debug_inspector (>= 0.0.1)
    bootstrap-datepicker-rails (1.6.0.1)
      railties (>= 3.0)
    bootstrap-daterangepicker-rails (0.0.8)
      railties (>= 3.1)
    bootstrap-sass (3.3.6)
      autoprefixer-rails (>= 5.2.1)
      sass (>= 3.3.4)
    bootstrap-timepicker-rails-addon (0.5.1)
      railties (>= 3.1, < 5.0)
    bootstrap3_autocomplete_input (0.1.9)
    builder (3.2.2)
    byebug (8.2.4)
    cancancan (1.13.1)
    capybara (2.7.0)
      addressable
      mime-types (>= 1.16)
      nokogiri (>= 1.3.3)
      rack (>= 1.0.0)
      rack-test (>= 0.5.4)
      xpath (~> 2.0)
    childprocess (0.5.9)
      ffi (~> 1.0, >= 1.0.11)
    chronic (0.10.2)
    cocoon (1.2.9)
    coderay (1.1.1)
    coffee-script (2.4.1)
      coffee-script-source
      execjs
    coffee-script-source (1.10.0)
    concurrent-ruby (1.0.1)
    connection_pool (2.2.0)
    countries (1.2.5)
      currencies (~> 0.4.2)
      i18n_data (~> 0.7.0)
    country_select (2.5.2)
      countries (~> 1.2.0)
      sort_alphabetical (~> 1.0)
    currencies (0.4.2)
    database_cleaner (1.5.2)
    debug_inspector (0.0.2)
    diff-lcs (1.2.5)
    erubis (2.7.0)
    execjs (2.6.0)
    fabrication (2.15.0)
    factual-api (1.3.17)
      json (~> 1.2, >= 1.2.0)
      oauth (~> 0.4.4, >= 0.4.4)
    faker (1.6.3)
      i18n (~> 0.5)
    ffi (1.9.10)
    figaro (1.1.1)
      thor (~> 0.14)
    font-awesome-rails (4.6.1.0)
      railties (>= 3.2, < 5.1)
    formatador (0.2.5)
    geocoder (1.3.4)
    globalid (0.3.6)
      activesupport (>= 4.1.0)
    gmaps4rails (2.1.2)
    google_directions (0.1.6.2)
      nokogiri (>= 1.4.1)
    google_places (0.32.0)
      httparty (~> 0.13.1)
    guard (2.13.0)
      formatador (>= 0.2.4)
      listen (>= 2.7, <= 4.0)
      lumberjack (~> 1.0)
      nenv (~> 0.1)
      notiffany (~> 0.0)
      pry (>= 0.9.12)
      shellany (~> 0.0)
      thor (>= 0.18.1)
    guard-bundler (2.1.0)
      bundler (~> 1.0)
      guard (~> 2.2)
      guard-compat (~> 1.1)
    guard-compat (1.2.1)
    guard-rails (0.7.2)
      guard (~> 2.11)
      guard-compat (~> 1.0)
    guard-rspec (4.6.5)
      guard (~> 2.1)
      guard-compat (~> 1.1)
      rspec (>= 2.99.0, < 4.0)
    haml (4.0.7)
      tilt
    haml-rails (0.9.0)
      actionpack (>= 4.0.1)
      activesupport (>= 4.0.1)
      haml (>= 4.0.6, < 5.0)
      html2haml (>= 1.0.1)
      railties (>= 4.0.1)
    html2haml (2.0.0)
      erubis (~> 2.7.0)
      haml (~> 4.0.0)
      nokogiri (~> 1.6.0)
      ruby_parser (~> 3.5)
    httparty (0.13.7)
      json (~> 1.8)
      multi_xml (>= 0.5.2)
    hub (1.12.4)
    i18n (0.7.0)
    i18n_data (0.7.0)
    jbuilder (2.4.1)
      activesupport (>= 3.0.0, < 5.1)
      multi_json (~> 1.2)
    jquery-rails (4.1.1)
      rails-dom-testing (>= 1, < 3)
      railties (>= 4.2.0)
      thor (>= 0.14, < 2.0)
    json (1.8.3)
    kaminari (0.16.3)
      actionpack (>= 3.0.0)
      activesupport (>= 3.0.0)
    launchy (2.4.3)
      addressable (~> 2.3)
    listen (3.0.6)
      rb-fsevent (>= 0.9.3)
      rb-inotify (>= 0.9.7)
    loofah (2.0.3)
      nokogiri (>= 1.5.9)
    lumberjack (1.0.10)
    mail (2.6.4)
      mime-types (>= 1.16, < 4)
    memcachier (0.0.2)
    memoizable (0.4.2)
      thread_safe (~> 0.3, >= 0.3.1)
    method_source (0.8.2)
    mime-types (3.0)
      mime-types-data (~> 3.2015)
    mime-types-data (3.2016.0221)
    mini_portile2 (2.0.0)
    minitest (5.8.4)
    momentjs-rails (2.11.1)
      railties (>= 3.1)
    monetize (1.4.0)
      money (~> 6.7)
    money (6.7.0)
      i18n (>= 0.6.4, <= 0.7.0)
      sixarm_ruby_unaccent (>= 1.1.1, < 2)
    money-rails (1.6.0)
      activesupport (>= 3.0)
      monetize (~> 1.4.0)
      money (~> 6.7)
      railties (>= 3.0)
    multi_json (1.11.2)
    multi_xml (0.5.5)
    nenv (0.3.0)
    nio4r (1.2.1)
    nokogiri (1.6.7.2)
      mini_portile2 (~> 2.0.0.rc2)
    notiffany (0.0.8)
      nenv (~> 0.1)
      shellany (~> 0.0)
    oauth (0.4.7)
    orm_adapter (0.5.0)
    parser (2.3.0.7)
      ast (~> 2.2)
    pg (0.18.4)
    powerpack (0.1.1)
    pry (0.10.3)
      coderay (~> 1.1.0)
      method_source (~> 0.8.1)
      slop (~> 3.4)
    puma (3.4.0)
    quiet_assets (1.1.0)
      railties (>= 3.1, < 5.0)
    rack (2.0.0.alpha)
      json
    rack-test (0.6.3)
      rack (>= 1.0)
    rails-deprecated_sanitizer (1.0.3)
      activesupport (>= 4.2.0.alpha)
    rails-dom-testing (1.0.7)
      activesupport (>= 4.2.0.beta, < 5.0)
      nokogiri (~> 1.6.0)
      rails-deprecated_sanitizer (>= 1.0.1)
    rails-html-sanitizer (1.0.3)
      loofah (~> 2.0)
    rails_12factor (0.0.3)
      rails_serve_static_assets
      rails_stdout_logging
    rails_apps_pages (0.6.4)
    rails_apps_testing (0.3.12)
    rails_layout (1.0.29)
    rails_serve_static_assets (0.0.5)
    rails_stdout_logging (0.0.5)
    rainbow (2.1.0)
    rake (11.1.2)
    rb-fchange (0.0.6)
      ffi
    rb-fsevent (0.9.7)
    rb-inotify (0.9.7)
      ffi (>= 0.5.0)
    redis (3.3.0)
    responders (2.1.2)
      railties (>= 4.2.0, < 5.1)
    rolify (5.1.0)
    rspec (3.1.0)
      rspec-core (~> 3.1.0)
      rspec-expectations (~> 3.1.0)
      rspec-mocks (~> 3.1.0)
    rspec-core (3.1.7)
      rspec-support (~> 3.1.0)
    rspec-expectations (3.1.2)
      diff-lcs (>= 1.2.0, < 2.0)
      rspec-support (~> 3.1.0)
    rspec-mocks (3.1.3)
      rspec-support (~> 3.1.0)
    rspec-rails (3.1.0)
      actionpack (>= 3.0)
      activesupport (>= 3.0)
      railties (>= 3.0)
      rspec-core (~> 3.1.0)
      rspec-expectations (~> 3.1.0)
      rspec-mocks (~> 3.1.0)
      rspec-support (~> 3.1.0)
    rspec-support (3.1.2)
    rubocop (0.39.0)
      parser (>= 2.3.0.7, < 3.0)
      powerpack (~> 0.1)
      rainbow (>= 1.99.1, < 3.0)
      ruby-progressbar (~> 1.7)
      unicode-display_width (~> 1.0, >= 1.0.1)
    ruby-progressbar (1.7.5)
    ruby_parser (3.8.1)
      sexp_processor (~> 4.1)
    rubyzip (1.2.0)
    sass (3.4.22)
    sass-rails (5.0.4)
      railties (>= 4.0.0, < 5.0)
      sass (~> 3.1)
      sprockets (>= 2.8, < 4.0)
      sprockets-rails (>= 2.0, < 4.0)
      tilt (>= 1.1, < 3)
    selenium-webdriver (2.53.0)
      childprocess (~> 0.5)
      rubyzip (~> 1.0)
      websocket (~> 1.0)
    sendgrid (1.2.4)
      json
    sexp_processor (4.7.0)
    shellany (0.0.1)
    sidekiq (4.1.1)
      concurrent-ruby (~> 1.0)
      connection_pool (~> 2.2, >= 2.2.0)
      redis (~> 3.2, >= 3.2.1)
    sidekiq-failures (0.4.5)
      sidekiq (>= 2.16.0)
    sidekiq-status (0.6.0)
      sidekiq (>= 2.7)
    simple_form (3.2.1)
      actionpack (> 4, < 5.1)
      activemodel (> 4, < 5.1)
    sixarm_ruby_unaccent (1.1.1)
    slop (3.6.0)
    sort_alphabetical (1.0.2)
      unicode_utils (>= 1.2.2)
    spring (1.7.1)
    spring-commands-rspec (1.0.4)
      spring (>= 0.9.1)
    spring-watcher-listen (2.0.0)
      listen (>= 2.7, < 4.0)
      spring (~> 1.2)
    sprockets (3.6.0)
      concurrent-ruby (~> 1.0)
      rack (> 1, < 3)
    sprockets-rails (3.0.4)
      actionpack (>= 4.0)
      activesupport (>= 4.0)
      sprockets (>= 3.0.0)
    thor (0.19.1)
    thread_safe (0.3.5)
    tilt (2.0.2)
    tzinfo (1.2.2)
      thread_safe (~> 0.1)
    uglifier (3.0.0)
      execjs (>= 0.3.0, < 3)
    underscore-rails (1.8.3)
    unicode-display_width (1.0.3)
    unicode_utils (1.4.0)
    warden (1.2.6)
      rack (>= 1.0)
    web-console (3.1.1)
      activemodel (>= 4.2)
      debug_inspector
      railties (>= 4.2)
    websocket (1.2.3)
    websocket-driver (0.6.3)
      websocket-extensions (>= 0.1.0)
    websocket-extensions (0.1.2)
    xpath (2.0.0)
      nokogiri (~> 1.3)

PLATFORMS
  ruby

DEPENDENCIES
  aasm
  better_errors
  binding_of_caller (>= 0.7.2)
  bootstrap-datepicker-rails
  bootstrap-daterangepicker-rails
  bootstrap-sass
  bootstrap-timepicker-rails-addon (~> 0.5.1)
  bootstrap3_autocomplete_input
  byebug
  cancancan
  capybara
  chronic
  cocoon
  coffee-rails!
  country_select
  database_cleaner
  decent_exposure!
  devise!
  fabrication
  factual-api
  faker
  figaro
  font-awesome-rails
  geocoder
  gmaps4rails
  google_directions
  google_places
  guard-bundler
  guard-rails
  guard-rspec
  haml-rails
  high_voltage!
  html2haml
  hub
  jbuilder (~> 2.0)
  jquery-datatables-rails!
  jquery-rails
  kaminari
  launchy
  listen (~> 3.0.5)
  mail_view!
  memcachier
  memoizable
  momentjs-rails
  money-rails
  pg
  puma
  quiet_assets
  rails (>= 5.0.0.beta3)!
  rails_12factor
  rails_apps_pages
  rails_apps_testing
  rails_layout
  rb-fchange
  rb-fsevent
  rb-inotify
  redis (~> 3.0)
  rolify
  rspec-rails
  rubocop
  sass-rails (~> 5.0)
  selenium-webdriver
  sendgrid
  sidekiq
  sidekiq-failures
  sidekiq-status
  simple_form
  spring
  spring-commands-rspec
  spring-watcher-listen (~> 2.0.0)
  sprockets
  turbolinks!
  tzinfo-data
  uglifier (>= 1.3.0)
  underscore-rails
  web-console (~> 3.0)

BUNDLED WITH
   1.11.2
